GIT
  remote: git://github.com/bnorberg/lentil.git
  revision: 378f28edc35dac75346c78705245f94687ec9e9e
  specs:
    lentil (0.2.3)
      activeadmin (~> 0.6.3)
      bootstrap-sass (~> 2.3.0)
      chosen-rails (~> 1.0.1)
      compass-rails (~> 1.0.3)
      devise (~> 3.2.0)
      fancybox2-rails (~> 0.2.8)
      formtastic (~> 2.2.1)
      google-analytics-rails (~> 0.0.4)
      instagram (~> 1.1.2)
      jquery-rails (~> 2.3.0)
      kaminari (~> 0.14.1)
      lazing (~> 0.1.1)
      meta_search (~> 1.1.3)
      modernizr-rails (~> 2.7.0)
      rails (~> 3.2.19)
      randumb (~> 0.4.1)
      ruby-oembed (~> 0.8.9)
      sitemap_generator (~> 4.3.0)
      state_machine (~> 1.2.0)
      typhoeus (~> 0.6.6)
      whenever (>= 0.8.0)
      will_paginate (~> 3.0)

GEM
  remote: https://rubygems.org/
  specs:
    actionmailer (3.2.19)
      actionpack (= 3.2.19)
      mail (~> 2.5.4)
    actionpack (3.2.19)
      activemodel (= 3.2.19)
      activesupport (= 3.2.19)
      builder (~> 3.0.0)
      erubis (~> 2.7.0)
      journey (~> 1.0.4)
      rack (~> 1.4.5)
      rack-cache (~> 1.2)
      rack-test (~> 0.6.1)
      sprockets (~> 2.2.1)
    activeadmin (0.6.3)
      arbre (~> 1.0)
      bourbon (>= 1.0.0, < 4)
      devise (>= 1.5.4, < 4, != 2.2.2, != 2.2.1, != 2.2.0, != 2.1.2, != 2.1.1, != 2.1.0, != 2.0.4, != 2.0.3, != 2.0.2, != 2.0.1, != 2.0.0)
      formtastic (~> 2.0)
      inherited_resources (~> 1.3)
      jquery-rails (>= 1.0.0, < 3)
      kaminari (~> 0.13, != 0.15.0)
      meta_search (~> 1.0)
      rails (>= 3.0.0, < 4)
      sass (~> 3.1)
    activemodel (3.2.19)
      activesupport (= 3.2.19)
      builder (~> 3.0.0)
    activerecord (3.2.19)
      activemodel (= 3.2.19)
      activesupport (= 3.2.19)
      arel (~> 3.0.2)
      tzinfo (~> 0.3.29)
    activeresource (3.2.19)
      activemodel (= 3.2.19)
      activesupport (= 3.2.19)
    activesupport (3.2.19)
      i18n (~> 0.6, >= 0.6.4)
      multi_json (~> 1.0)
    arbre (1.0.2)
      activesupport (>= 3.0.0)
    arel (3.0.3)
    bcrypt (3.1.7)
    bootstrap-sass (2.3.2.2)
      sass (~> 3.2)
    bourbon (3.2.3)
      sass (~> 3.2)
      thor
    builder (3.0.4)
    chosen-rails (1.0.1)
      coffee-rails (>= 3.2)
      compass-rails (>= 1.0)
      railties (>= 3.0)
      sass-rails (>= 3.2)
    chronic (0.10.2)
    chunky_png (1.3.1)
    coffee-rails (3.2.2)
      coffee-script (>= 2.2.0)
      railties (~> 3.2.0)
    coffee-script (2.3.0)
      coffee-script-source
      execjs
    coffee-script-source (1.8.0)
    compass (0.12.7)
      chunky_png (~> 1.2)
      fssm (>= 0.2.7)
      sass (~> 3.2.19)
    compass-rails (1.0.3)
      compass (>= 0.12.2, < 0.14)
    devise (3.2.4)
      bcrypt (~> 3.0)
      orm_adapter (~> 0.1)
      railties (>= 3.2.6, < 5)
      thread_safe (~> 0.1)
      warden (~> 1.2.3)
    erubis (2.7.0)
    ethon (0.7.1)
      ffi (>= 1.3.0)
    execjs (2.2.1)
    fancybox2-rails (0.2.8)
      railties (>= 3.1.0, < 5.0)
    faraday (0.9.0)
      multipart-post (>= 1.2, < 3)
    faraday_middleware (0.9.1)
      faraday (>= 0.7.4, < 0.10)
    ffi (1.9.3)
    formtastic (2.2.1)
      actionpack (>= 3.0)
    fssm (0.2.10)
    google-analytics-rails (0.0.6)
    has_scope (0.6.0.rc)
      actionpack (>= 3.2, < 5)
      activesupport (>= 3.2, < 5)
    hashie (3.3.1)
    hike (1.2.3)
    i18n (0.6.11)
    inherited_resources (1.5.0)
      has_scope (~> 0.6.0.rc)
      responders (~> 1.0)
    instagram (1.1.3)
      faraday (>= 0.7, < 0.10)
      faraday_middleware (>= 0.8, < 0.10)
      hashie (>= 0.4.0)
      multi_json (~> 1.0, >= 1.0.3)
    journey (1.0.4)
    jquery-rails (2.3.0)
      railties (>= 3.0, < 5.0)
      thor (>= 0.14, < 2.0)
    json (1.8.1)
    kaminari (0.14.1)
      actionpack (>= 3.0.0)
      activesupport (>= 3.0.0)
    lazing (0.1.1)
    libv8 (3.16.14.7)
    mail (2.5.4)
      mime-types (~> 1.16)
      treetop (~> 1.4.8)
    meta_search (1.1.3)
      actionpack (~> 3.1)
      activerecord (~> 3.1)
      activesupport (~> 3.1)
      polyamorous (~> 0.5.0)
    mime-types (1.25.1)
    modernizr-rails (2.7.1)
    multi_json (1.10.1)
    multipart-post (2.0.0)
    orm_adapter (0.5.0)
    pg (0.17.1)
    polyamorous (0.5.0)
      activerecord (~> 3.0)
    polyglot (0.3.5)
    rack (1.4.5)
    rack-cache (1.2)
      rack (>= 0.4)
    rack-ssl (1.3.4)
      rack
    rack-test (0.6.2)
      rack (>= 1.0)
    rails (3.2.19)
      actionmailer (= 3.2.19)
      actionpack (= 3.2.19)
      activerecord (= 3.2.19)
      activeresource (= 3.2.19)
      activesupport (= 3.2.19)
      bundler (~> 1.0)
      railties (= 3.2.19)
    railties (3.2.19)
      actionpack (= 3.2.19)
      activesupport (= 3.2.19)
      rack-ssl (~> 1.3.2)
      rake (>= 0.8.7)
      rdoc (~> 3.4)
      thor (>= 0.14.6, < 2.0)
    rake (10.3.2)
    randumb (0.4.1)
      activerecord (>= 3.0.0)
      activesupport (>= 3.0.0)
      rake
    rdoc (3.12.2)
      json (~> 1.4)
    ref (1.0.5)
    responders (1.1.1)
      railties (>= 3.2, < 4.2)
    ruby-oembed (0.8.10)
    sass (3.2.19)
    sass-rails (3.2.6)
      railties (~> 3.2.0)
      sass (>= 3.1.10)
      tilt (~> 1.3)
    sitemap_generator (4.3.1)
      builder
    sprockets (2.2.2)
      hike (~> 1.2)
      multi_json (~> 1.0)
      rack (~> 1.0)
      tilt (~> 1.1, != 1.3.0)
    state_machine (1.2.0)
    therubyracer (0.12.1)
      libv8 (~> 3.16.14.0)
      ref
    thor (0.19.1)
    thread_safe (0.3.4)
    tilt (1.4.1)
    treetop (1.4.15)
      polyglot
      polyglot (>= 0.3.1)
    typhoeus (0.6.9)
      ethon (>= 0.7.1)
    tzinfo (0.3.41)
    uglifier (2.5.3)
      execjs (>= 0.3.0)
      json (>= 1.8.0)
    warden (1.2.3)
      rack (>= 1.0)
    whenever (0.9.2)
      activesupport (>= 2.3.4)
      chronic (>= 0.6.3)
    will_paginate (3.0.7)

PLATFORMS
  ruby

DEPENDENCIES
  coffee-rails (~> 3.2.1)
  jquery-rails (= 2.3.0)
  lentil!
  pg
  rails (= 3.2.19)
  sass-rails (~> 3.2.3)
  therubyracer
  uglifier (>= 1.0.3)
